PATH
  remote: .
  specs:
    turbulence (1.2.1)
      flog (~> 4.1)
      json (>= 1.4.6)
      launchy (>= 2.0.0)

GEM
  remote: http://rubygems.org/
  specs:
    addressable (2.3.5)
    diff-lcs (1.1.3)
    flog (4.1.2)
      ruby_parser (~> 3.1, > 3.1.0)
      sexp_processor (~> 4.0)
    json (1.8.1)
    launchy (2.4.2)
      addressable (~> 2.3)
    rake (10.1.0)
    rspec (2.6.0)
      rspec-core (~> 2.6.0)
      rspec-expectations (~> 2.6.0)
      rspec-mocks (~> 2.6.0)
    rspec-core (2.6.4)
    rspec-expectations (2.6.0)
      diff-lcs (~> 1.1.2)
    rspec-mocks (2.6.0)
    ruby_parser (3.2.2)
      sexp_processor (~> 4.1)
    sexp_processor (4.4.0)

PLATFORMS
  ruby

DEPENDENCIES
  rake
  rspec (~> 2.6.0)
  turbulence!
